GIT
  remote: https://github.com/projectcypress/health-data-standards.git
  revision: b88acd036f00a427a1385a7831c07fe030f49f87
  branch: master
  specs:
    health-data-standards (3.6.1)
      activesupport (~> 4.1.1)
      builder (~> 3.1)
      erubis (~> 2.7.0)
      highline (~> 1.7.0)
      log4r (~> 1.1.10)
      memoist (~> 0.9.1)
      mongoid (~> 4.0.0)
      mongoid-tree (~> 1.0.4)
      nokogiri (~> 1.6.8)
      protected_attributes (~> 1.0.5)
      rest-client (~> 1.8.0)
      rubyzip (= 0.9.9)
      uuid (~> 2.3.7)

PATH
  remote: .
  specs:
    synthea (1.1.0)
      area
      chunky_png
      concurrent-ruby
      faker (~> 1.6, >= 1.6.0)
      fhir_client (~> 1.8)
      fhir_models
      georuby
      highline
      json
      net-sftp
      pickup (~> 0.0.11, >= 0.0.11)
      recursive-open-struct (~> 1.0, >= 1.0.0)
      ruby-graphviz
      statistics2 (~> 0.54)

GEM
  remote: https://rubygems.org/
  specs:
    activemodel (4.1.16)
      activesupport (= 4.1.16)
      builder (~> 3.1)
    activesupport (4.1.16)
      i18n (~> 0.6, >= 0.6.9)
      json (~> 1.7, >= 1.7.7)
      minitest (~> 5.1)
      thread_safe (~> 0.1)
      tzinfo (~> 1.1)
    addressable (2.5.0)
      public_suffix (~> 2.0, >= 2.0.2)
    ansi (1.5.0)
    area (0.10.0)
      fastercsv (~> 1.5)
    ast (2.3.0)
    awesome_print (1.7.0)
    bcp47 (0.3.3)
      i18n
    bson (3.2.6)
    bson (3.2.6-java)
    builder (3.2.3)
    cane (2.3.0)
      parallel
    chunky_png (1.3.8)
    coderay (1.1.1)
    concurrent-ruby (1.0.4)
    concurrent-ruby (1.0.4-java)
    connection_pool (2.2.1)
    date_time_precision (0.8.1)
    docile (1.1.5)
    domain_name (0.5.20161129)
      unf (>= 0.0.5, < 1.0.0)
    erubis (2.7.0)
    faker (1.7.3)
      i18n (~> 0.5)
    faraday (0.11.0)
      multipart-post (>= 1.2, < 3)
    fastercsv (1.5.5)
    ffi (1.9.17-java)
    fhir_client (1.8.0)
      activesupport (>= 3)
      addressable (>= 2.3)
      fhir_models (>= 1.8.0)
      nokogiri
      oauth2 (~> 1.1)
      rack (>= 1.5)
      rest-client (~> 1.8)
      tilt (>= 1.1)
    fhir_models (1.8.2)
      bcp47 (>= 0.3)
      date_time_precision (>= 0.8)
      mime-types (>= 1.16, < 3)
      nokogiri (>= 1.6)
    georuby (2.5.2)
    highline (1.7.8)
    http-cookie (1.0.3)
      domain_name (~> 0.5)
    i18n (0.8.0)
    json (1.8.6)
    json (1.8.6-java)
    jwt (1.5.6)
    log4r (1.1.10)
    macaddr (1.7.1)
      systemu (~> 2.6.2)
    memoist (0.9.3)
    method_source (0.8.2)
    mime-types (2.99.3)
    mini_portile2 (2.1.0)
    minitest (5.10.1)
    minitest-reporters (1.1.14)
      ansi
      builder
      minitest (>= 5.0)
      ruby-progressbar
    mongoid (4.0.0)
      activemodel (~> 4.0)
      moped (~> 2.0.0)
      origin (~> 2.1)
      tzinfo (>= 0.3.37)
    mongoid-tree (1.0.4)
      mongoid (>= 3.0, <= 4.0)
    moped (2.0.7)
      bson (~> 3.0)
      connection_pool (~> 2.0)
      optionable (~> 0.2.0)
    multi_json (1.12.1)
    multi_xml (0.6.0)
    multipart-post (2.0.0)
    net-sftp (2.1.2)
      net-ssh (>= 2.6.5)
    net-ssh (4.1.0)
    netrc (0.11.0)
    nokogiri (1.6.8.1)
      mini_portile2 (~> 2.1.0)
    nokogiri (1.6.8.1-java)
    oauth2 (1.3.1)
      faraday (>= 0.8, < 0.12)
      jwt (~> 1.0)
      multi_json (~> 1.3)
      multi_xml (~> 0.5)
      rack (>= 1.2, < 3)
    optionable (0.2.0)
    origin (2.3.0)
    parallel (1.10.0)
    parser (2.4.0.0)
      ast (~> 2.2)
    pickup (0.0.11)
    powerpack (0.1.1)
    protected_attributes (1.0.9)
      activemodel (>= 4.0.1, < 5.0)
    pry (0.10.4)
      coderay (~> 1.1.0)
      method_source (~> 0.8.1)
      slop (~> 3.4)
    pry (0.10.4-java)
      coderay (~> 1.1.0)
      method_source (~> 0.8.1)
      slop (~> 3.4)
      spoon (~> 0.0)
    public_suffix (2.0.5)
    rack (1.6.5)
    rainbow (2.2.1)
    rake (12.0.0)
    recursive-open-struct (1.0.2)
    rest-client (1.8.0)
      http-cookie (>= 1.0.2, < 2.0)
      mime-types (>= 1.16, < 3.0)
      netrc (~> 0.7)
    rubocop (0.43.0)
      parser (>= 2.3.1.1, < 3.0)
      powerpack (~> 0.1)
      rainbow (>= 1.99.1, < 3.0)
      ruby-progressbar (~> 1.7)
      unicode-display_width (~> 1.0, >= 1.0.1)
    ruby-graphviz (1.2.3)
    ruby-progressbar (1.8.1)
    rubyzip (0.9.9)
    simplecov (0.13.0)
      docile (~> 1.1.0)
      json (>= 1.8, < 3)
      simplecov-html (~> 0.10.0)
    simplecov-html (0.10.0)
    slop (3.6.0)
    spoon (0.0.6)
      ffi
    statistics2 (0.54)
    systemu (2.6.5)
    thread_safe (0.3.5)
    thread_safe (0.3.5-java)
    tilt (2.0.6)
    tzinfo (1.2.2)
      thread_safe (~> 0.1)
    unf (0.1.4)
      unf_ext
    unf (0.1.4-java)
    unf_ext (0.0.7.2)
    unicode-display_width (1.1.3)
    uuid (2.3.8)
      macaddr (~> 1.0)

PLATFORMS
  java
  ruby

DEPENDENCIES
  awesome_print
  cane (~> 2.3.0)
  concurrent-ruby
  faker
  georuby
  health-data-standards!
  minitest (~> 5.3)
  minitest-reporters
  net-sftp
  pickup
  pry
  rack (~> 1.6)
  rake
  recursive-open-struct
  rubocop (~> 0.43.0)
  simplecov
  statistics2 (~> 0.54)
  synthea!
  tilt

BUNDLED WITH
   1.13.7
